PATH
  remote: .
  specs:
    govuk-jekyll-theme (0.1.2)

GEM
  remote: https://rubygems.org/
  specs:
    rake (10.5.0)

PLATFORMS
  ruby

DEPENDENCIES
  bundler (~> 1.12)
  govuk-jekyll-theme!
  rake (~> 10.0)

BUNDLED WITH
   1.16.0
